GIT
  remote: git://github.com/Hobo/hobo_paperclip
  revision: 58e0daabdce95c1a8a0c06daf086a8ee0820842b
  specs:
    hobo_paperclip (0.0.4)
      hobo
      paperclip

GIT
  remote: git://github.com/Hobo/hobo_simple_color
  revision: 6222ef21c34f12dafea791a9fa3f2c67d63908a9
  specs:
    hobo_simple_color (0.0.2)
      hobo (> 1.4.0.pre4)

GIT
  remote: git://github.com/Hobo/hobo_tokeninput
  revision: 271317004e0a3c6fd6083405b30193e3fbbae0ba
  specs:
    hobo_tokeninput (0.0.1)
      hobo (> 1.4.0.pre5)

GIT
  remote: git://github.com/jnicklas/capybara.git
  revision: a4399a57f755bbf5634e4e49319cc52b818c1215
  specs:
    capybara (2.2.0)
      mime-types (>= 1.16)
      nokogiri (>= 1.3.3)
      rack (>= 1.0.0)
      rack-test (>= 0.5.4)
      xpath (~> 2.0)

PATH
  remote: ../..
  specs:
    dryml (2.0.1)
      actionpack (>= 3.2.0)
      hobo_support (= 2.0.1)
    hobo (2.0.1)
      dryml (= 2.0.1)
      hobo_fields (= 2.0.1)
      hobo_support (= 2.0.1)
      will_paginate (~> 3.0.0)
    hobo_fields (2.0.1)
      hobo_support (= 2.0.1)
    hobo_jquery (2.0.1)
      hobo_rapid (= 2.0.1)
      jquery-rails (~> 2.0)
    hobo_jquery_ui (2.0.1)
      hobo (= 2.0.1)
      hobo_jquery (= 2.0.1)
      jquery-ui-themes (~> 0.0.4)
    hobo_rapid (2.0.1)
      hobo (= 2.0.1)
    hobo_support (2.0.1)
      rails (>= 3.2.0.rc1)

PATH
  remote: ../../../hobo_bootstrap
  specs:
    hobo_bootstrap (2.0.1)
      bootstrap-sass (~> 2.1)
      hobo (~> 2.0.0.pre6)
      hobo_jquery (~> 2.0.0.pre6)
      will_paginate-bootstrap (~> 0.2.1)

PATH
  remote: ../../../hobo_bootstrap_ui
  specs:
    hobo_bootstrap_ui (2.0.1)
      bootstrap-datepicker-rails
      hobo_bootstrap (~> 2.0.0.pre1)

GEM
  remote: http://rubygems.org/
  specs:
    RedCloth (4.2.9)
    actionmailer (4.0.2)
      actionpack (= 4.0.2)
      mail (~> 2.5.4)
    actionpack (4.0.2)
      activesupport (= 4.0.2)
      builder (~> 3.1.0)
      erubis (~> 2.7.0)
      rack (~> 1.5.2)
      rack-test (~> 0.6.2)
    activemodel (4.0.2)
      activesupport (= 4.0.2)
      builder (~> 3.1.0)
    activerecord (4.0.2)
      activemodel (= 4.0.2)
      activerecord-deprecated_finders (~> 1.0.2)
      activesupport (= 4.0.2)
      arel (~> 4.0.0)
    activerecord-deprecated_finders (1.0.3)
    activesupport (4.0.2)
      i18n (~> 0.6, >= 0.6.4)
      minitest (~> 4.2)
      multi_json (~> 1.3)
      thread_safe (~> 0.1)
      tzinfo (~> 0.3.37)
    acts_as_list (0.3.0)
      activerecord (>= 3.0)
    arel (4.0.1)
    atomic (1.1.14)
    awesome_print (1.2.0)
    better_errors (1.0.1)
      coderay (>= 1.0.0)
      erubis (>= 2.6.6)
    binding_of_caller (0.7.2)
      debug_inspector (>= 0.0.1)
    bootstrap-datepicker-rails (1.1.1.9)
      railties (>= 3.0)
    bootstrap-sass (2.3.2.2)
      sass (~> 3.2)
    builder (3.1.4)
    childprocess (0.3.9)
      ffi (~> 1.0, >= 1.0.11)
    climate_control (0.0.3)
      activesupport (>= 3.0)
    cocaine (0.5.3)
      climate_control (>= 0.0.3, < 1.0)
    coderay (1.1.0)
    coffee-rails (4.0.1)
      coffee-script (>= 2.2.0)
      railties (>= 4.0.0, < 5.0)
    coffee-script (2.2.0)
      coffee-script-source
      execjs
    coffee-script-source (1.6.3)
    database_cleaner (1.2.0)
    debug_inspector (0.0.2)
    erubis (2.7.0)
    execjs (2.0.2)
    factory_girl (4.3.0)
      activesupport (>= 3.0.0)
    factory_girl_rails (4.3.0)
      factory_girl (~> 4.3.0)
      railties (>= 3.0.0)
    ffi (1.9.3)
    hike (1.2.3)
    hobo_will_paginate (2.1.0)
    httparty (0.12.0)
      json (~> 1.8)
      multi_xml (>= 0.5.2)
    i18n (0.6.9)
    jquery-rails (2.3.0)
      railties (>= 3.0, < 5.0)
      thor (>= 0.14, < 2.0)
    jquery-ui-themes (0.0.11)
      httparty
    json (1.8.1)
    kramdown (1.2.0)
    mail (2.5.4)
      mime-types (~> 1.16)
      treetop (~> 1.4.8)
    mime-types (1.25.1)
    mini_portile (0.5.2)
    minitest (4.7.5)
    multi_json (1.8.2)
    multi_xml (0.5.5)
    nokogiri (1.6.0)
      mini_portile (~> 0.5.0)
    paperclip (3.5.2)
      activemodel (>= 3.0.0)
      activesupport (>= 3.0.0)
      cocaine (~> 0.5.3)
      mime-types
    polyglot (0.3.3)
    protected_attributes (1.0.5)
      activemodel (>= 4.0.1, < 5.0)
    rack (1.5.2)
    rack-test (0.6.2)
      rack (>= 1.0)
    rails (4.0.2)
      actionmailer (= 4.0.2)
      actionpack (= 4.0.2)
      activerecord (= 4.0.2)
      activesupport (= 4.0.2)
      bundler (>= 1.3.0, < 2.0)
      railties (= 4.0.2)
      sprockets-rails (~> 2.0.0)
    railties (4.0.2)
      actionpack (= 4.0.2)
      activesupport (= 4.0.2)
      rake (>= 0.8.7)
      thor (>= 0.18.1, < 2.0)
    rake (10.1.0)
    rubyzip (1.0.0)
    sass (3.2.12)
    sass-rails (4.0.1)
      railties (>= 4.0.0, < 5.0)
      sass (>= 3.1.10)
      sprockets-rails (~> 2.0.0)
    selenium-webdriver (2.37.0)
      childprocess (>= 0.2.5)
      multi_json (~> 1.0)
      rubyzip (~> 1.0.0)
      websocket (~> 1.0.4)
    shoulda (3.5.0)
      shoulda-context (~> 1.0, >= 1.0.1)
      shoulda-matchers (>= 1.4.1, < 3.0)
    shoulda-context (1.1.6)
    shoulda-matchers (2.4.0)
      activesupport (>= 3.0.0)
    sprockets (2.10.1)
      hike (~> 1.2)
      multi_json (~> 1.0)
      rack (~> 1.0)
      tilt (~> 1.1, != 1.3.0)
    sprockets-rails (2.0.1)
      actionpack (>= 3.0)
      activesupport (>= 3.0)
      sprockets (~> 2.8)
    sqlite3 (1.3.8)
    thor (0.18.1)
    thread_safe (0.1.3)
      atomic
    tilt (1.4.1)
    treetop (1.4.15)
      polyglot
      polyglot (>= 0.3.1)
    tzinfo (0.3.38)
    uglifier (2.3.1)
      execjs (>= 0.3.0)
      json (>= 1.8.0)
    websocket (1.0.7)
    will_paginate (3.0.5)
    will_paginate-bootstrap (0.2.5)
      will_paginate (>= 3.0.3)
    xpath (2.0.0)
      nokogiri (~> 1.3)

PLATFORMS
  ruby

DEPENDENCIES
  RedCloth
  activerecord-jdbcsqlite3-adapter
  acts_as_list
  awesome_print
  better_errors
  binding_of_caller
  capybara!
  coffee-rails (~> 4.0.0)
  database_cleaner
  factory_girl_rails
  hobo!
  hobo_bootstrap!
  hobo_bootstrap_ui!
  hobo_jquery_ui!
  hobo_paperclip!
  hobo_simple_color!
  hobo_tokeninput!
  hobo_will_paginate
  jquery-rails
  jquery-ui-themes (~> 0.0.4)
  kramdown
  paperclip (= 3.5.2)
  protected_attributes
  rails (= 4.0.2)
  sass-rails (~> 4.0.0)
  selenium-webdriver
  shoulda
  sqlite3
  uglifier (>= 1.0.3)
